PATH
  remote: ../rufus-scheduler/
  specs:
    rufus-scheduler (3.2.1)

GEM
  remote: https://rubygems.org/
  specs:
    timecop (0.8.1)

PLATFORMS
  ruby

DEPENDENCIES
  rufus-scheduler!
  timecop

BUNDLED WITH
   1.10.6
