GEM
  remote: https://rubygems.org/
  specs:
    rufus-scheduler (3.2.1)
    timecop (0.8.1)

PLATFORMS
  ruby

DEPENDENCIES
  rufus-scheduler (= 3.2.1)
  timecop

BUNDLED WITH
   1.10.6
